GIT
  remote: git://github.com/telemachus/adventure.git
  revision: 4c61a21a5924d14b20dd49c5d6c50972201f3e81
  specs:
    adventure (0.0.2)

GEM
  remote: http://rubygems.org/
  specs:
    activemodel (3.2.3)
      activesupport (= 3.2.3)
      builder (~> 3.0.0)
    activerecord (3.2.3)
      activemodel (= 3.2.3)
      activesupport (= 3.2.3)
      arel (~> 3.0.2)
      tzinfo (~> 0.3.29)
    activesupport (3.2.3)
      i18n (~> 0.6)
      multi_json (~> 1.0)
    arel (3.0.2)
    builder (3.0.0)
    i18n (0.6.0)
    multi_json (1.3.4)
    pg (0.13.2)
    rake (0.9.2.2)
    tzinfo (0.3.33)

PLATFORMS
  ruby

DEPENDENCIES
  activerecord
  activesupport
  adventure (~> 0.0.2)!
  pg
  rake
