GIT
  remote: git://github.com/RubyoffRails/superfight.git
  revision: 75a5c4f724284ade4132f0a84acf3b2a8e126fcd
  specs:
    superfight (0.0.1)

GIT
  remote: git://github.com/ellesuzuki/about-suzuki.git
  revision: 5ec3ed44755edf92771284b16e4ead4164393f4d
  specs:
    about-suzuki (0.0.1)

GEM
  remote: http://rubygems.org/
  specs:
    diff-lcs (1.1.3)
    rake (10.0.3)
    rspec (2.12.0)
      rspec-core (~> 2.12.0)
      rspec-expectations (~> 2.12.0)
      rspec-mocks (~> 2.12.0)
    rspec-core (2.12.2)
    rspec-expectations (2.12.1)
      diff-lcs (~> 1.1.3)
    rspec-mocks (2.12.2)

PLATFORMS
  ruby

DEPENDENCIES
  about-suzuki!
  rake
  rspec
  superfight!
