GIT
  remote: git://github.com/var114/abtvar.git
  revision: b837e35cfbbe7aa0a57e15443dadc72e7bfe6b9d
  specs:
    abtvar (0.1.0)

GIT
  remote: git://github.com/var114/adventure.git
  revision: 2e850eabf0602b4987b36b8dcba3ab91a0d4992d
  specs:
    adventure (0.1.0)

GIT
  remote: git://github.com/var114/superfight.git
  revision: 46e886c42da216d8b3fa0478a499428d0ae7c9c1
  specs:
    superfight (0.0.1)

GEM
  remote: http://rubygems.org/
  specs:
    backports (3.3.5)
    diff-lcs (1.2.5)
    multi_json (1.8.2)
    pg (0.17.0)
    rack (1.5.2)
    rack-protection (1.5.1)
      rack
    rack-test (0.6.2)
      rack (>= 1.0)
    rake (10.1.0)
    rspec (2.14.1)
      rspec-core (~> 2.14.0)
      rspec-expectations (~> 2.14.0)
      rspec-mocks (~> 2.14.0)
    rspec-core (2.14.7)
    rspec-expectations (2.14.4)
      diff-lcs (>= 1.1.3, < 2.0)
    rspec-mocks (2.14.4)
    sinatra (1.4.4)
      rack (~> 1.4)
      rack-protection (~> 1.4)
      tilt (~> 1.3, >= 1.3.4)
    sinatra-contrib (1.4.2)
      backports (>= 2.0)
      multi_json
      rack-protection
      rack-test
      sinatra (~> 1.4.0)
      tilt (~> 1.3)
    tilt (1.4.1)

PLATFORMS
  ruby

DEPENDENCIES
  abtvar (~> 0.1)!
  adventure (~> 0.1)!
  pg
  rake
  rspec
  sinatra
  sinatra-contrib
  superfight!
