GIT
  remote: git://github.com/RubyoffRails/superfight.git
  revision: 75a5c4f724284ade4132f0a84acf3b2a8e126fcd
  specs:
    superfight (0.0.1)

GIT
  remote: git://github.com/meltar/about-meltar.git
  revision: f5e5126d2f475c756ac755ab2e09144c781a1cb3
  specs:
    about-meltar (0.1.0)

GEM
  remote: http://rubygems.org/
  specs:
    backports (2.5.3)
    diff-lcs (1.1.3)
    eventmachine (1.0.3)
    eventmachine (1.0.3-x86-mingw32)
    rack (1.4.5)
    rack-protection (1.2.0)
      rack
    rack-test (0.6.2)
      rack (>= 1.0)
    rake (0.9.2.2)
    rspec (2.10.0)
      rspec-core (~> 2.10.0)
      rspec-expectations (~> 2.10.0)
      rspec-mocks (~> 2.10.0)
    rspec-core (2.10.0)
    rspec-expectations (2.10.0)
      diff-lcs (~> 1.1.3)
    rspec-mocks (2.10.1)
    sinatra (1.3.2)
      rack (~> 1.3, >= 1.3.6)
      rack-protection (~> 1.2)
      tilt (~> 1.3, >= 1.3.3)
    sinatra-contrib (1.3.1)
      backports (>= 2.0)
      eventmachine
      rack-protection
      rack-test
      sinatra (~> 1.3.0)
      tilt (~> 1.3)
    tilt (1.3.3)

PLATFORMS
  ruby
  x86-mingw32

DEPENDENCIES
  about-meltar (~> 0.1.0)!
  rake
  rspec
  sinatra
  sinatra-contrib
  superfight!
