GIT
  remote: git://github.com/var114/abtvar.git
  revision: 8b2ad48c53d944007df4c658eefd843aa0916021
  specs:
    abtvar (0.0.1)

GIT
  remote: git://github.com/var114/superfight.git
  revision: 46e886c42da216d8b3fa0478a499428d0ae7c9c1
  specs:
    superfight (0.0.1)

GEM
  remote: http://rubygems.org/
  specs:
    diff-lcs (1.2.5)
    rake (10.1.0)
    rspec (2.14.1)
      rspec-core (~> 2.14.0)
      rspec-expectations (~> 2.14.0)
      rspec-mocks (~> 2.14.0)
    rspec-core (2.14.7)
    rspec-expectations (2.14.4)
      diff-lcs (>= 1.1.3, < 2.0)
    rspec-mocks (2.14.4)

PLATFORMS
  ruby

DEPENDENCIES
  abtvar!
  rake
  rspec
  superfight!
