GIT
  remote: git://github.com/RubyoffRails/superfight.git
  revision: 75a5c4f724284ade4132f0a84acf3b2a8e126fcd
  specs:
    superfight (0.0.1)

GIT
  remote: git://github.com/meltar/about-meltar.git
  revision: 64a4c0adbc4c2c5b77eb53dc21c94cc6da984e28
  specs:
    about-meltar (0.0.1)

GEM
  remote: http://rubygems.org/
  specs:
    diff-lcs (1.1.3)
    rake (0.9.2.2)
    rspec (2.10.0)
      rspec-core (~> 2.10.0)
      rspec-expectations (~> 2.10.0)
      rspec-mocks (~> 2.10.0)
    rspec-core (2.10.0)
    rspec-expectations (2.10.0)
      diff-lcs (~> 1.1.3)
    rspec-mocks (2.10.1)

PLATFORMS
  ruby
  x86-mingw32

DEPENDENCIES
  about-meltar!
  rake
  rspec
  superfight!
